GEM
  remote: http://rubygems.org/
  remote: http://gems.github.com/
  specs:
    blinky (0.0.3)
      ruby-usb (>= 0.2.1)
    nokogiri (1.5.5)
    ruby-usb (0.2.1)
    rufus-scheduler (2.0.17)
      tzinfo (>= 0.3.23)
    tzinfo (0.3.34)

PLATFORMS
  ruby

DEPENDENCIES
  blinky
  nokogiri
  rufus-scheduler
